GEM
  remote: https://rubygems.org/
  specs:
    chunky_png (1.3.11)
    ffi (1.11.1)
    fiddle (1.0.0)
    get_process_mem (0.2.4)
      ffi (~> 1.0)

PLATFORMS
  ruby

DEPENDENCIES
  chunky_png (~> 1.3, >= 1.3.11)
  fiddle (~> 1.0)
  get_process_mem (~> 0.2.4)

BUNDLED WITH
   1.17.2
