GEM
  remote: https://rubygems.org/
  specs:
    ruby-prof (1.0.0)

PLATFORMS
  ruby

DEPENDENCIES
  ruby-prof (~> 1.0)

BUNDLED WITH
   1.17.2
